GEM
  remote: https://rubygems.org/
  specs:
    backports (3.10.0)
    builder (3.2.3)
    byebug (9.0.6)
    childprocess (0.8.0)
      ffi (~> 1.0, >= 1.0.11)
    coderay (1.1.2)
    cucumber (3.0.1)
      builder (>= 2.1.2)
      cucumber-core (~> 3.0.0)
      cucumber-expressions (~> 4.0.3)
      cucumber-wire (~> 0.0.1)
      diff-lcs (~> 1.3)
      gherkin (~> 4.0)
      multi_json (>= 1.7.5, < 2.0)
      multi_test (>= 0.1.2)
    cucumber-core (3.0.0)
      backports (>= 3.8.0)
      cucumber-tag_expressions (>= 1.0.1)
      gherkin (>= 4.1.3)
    cucumber-expressions (4.0.4)
    cucumber-tag_expressions (1.0.1)
    cucumber-wire (0.0.1)
    cukehub (0.9.5)
      httparty (~> 0)
      os (~> 0)
    data_magic (1.2)
      faker (>= 1.1.2)
      yml_reader (>= 0.6)
    diff-lcs (1.3)
    faker (1.8.4)
      i18n (~> 0.5)
    ffi (1.9.18)
    gherkin (4.1.3)
    httparty (0.15.6)
      multi_xml (>= 0.5.2)
    i18n (0.8.6)
    method_source (0.9.0)
    mini_portile2 (2.3.0)
    multi_json (1.12.2)
    multi_test (0.1.2)
    multi_xml (0.6.0)
    nokogiri (1.8.1)
      mini_portile2 (~> 2.3.0)
    os (0.9.6)
    page-object (2.2.4)
      page_navigation (>= 0.10)
      selenium-webdriver (~> 3.0)
      watir (~> 6.8)
    page_navigation (0.10)
      data_magic (>= 0.22)
    pry (0.11.1)
      coderay (~> 1.1.0)
      method_source (~> 0.9.0)
    pry-byebug (3.4.2)
      byebug (~> 9.0)
      pry (~> 0.10)
    rspec (3.6.0)
      rspec-core (~> 3.6.0)
      rspec-expectations (~> 3.6.0)
      rspec-mocks (~> 3.6.0)
    rspec-core (3.6.0)
      rspec-support (~> 3.6.0)
    rspec-expectations (3.6.0)
      diff-lcs (>= 1.2.0, < 2.0)
      rspec-support (~> 3.6.0)
    rspec-mocks (3.6.0)
      diff-lcs (>= 1.2.0, < 2.0)
      rspec-support (~> 3.6.0)
    rspec-support (3.6.0)
    rubyzip (1.2.1)
    selenium-webdriver (3.6.0)
      childprocess (~> 0.5)
      rubyzip (~> 1.0)
    watir (6.8.4)
      selenium-webdriver (~> 3.4, >= 3.4.1)
    webdrivers (2.4.0)
      nokogiri (~> 1.6)
      rubyzip (~> 1.0)
      selenium-webdriver (~> 3.0)
    yml_reader (0.7)

PLATFORMS
  ruby

DEPENDENCIES
  cucumber
  cukehub
  page-object
  pry
  pry-byebug
  rspec
  selenium-webdriver
  webdrivers

BUNDLED WITH
   1.15.2
